PATH
  remote: .
  specs:
    photostat (0.0.1)
      activerecord (= 3.1.0)
      nokogiri
      sqlite3
      trollop

GEM
  remote: http://rubygems.org/
  specs:
    activemodel (3.1.0)
      activesupport (= 3.1.0)
      bcrypt-ruby (~> 3.0.0)
      builder (~> 3.0.0)
      i18n (~> 0.6)
    activerecord (3.1.0)
      activemodel (= 3.1.0)
      activesupport (= 3.1.0)
      arel (~> 2.2.1)
      tzinfo (~> 0.3.29)
    activesupport (3.1.0)
      multi_json (~> 1.0)
    arel (2.2.1)
    bcrypt-ruby (3.0.1)
    builder (3.0.0)
    i18n (0.6.0)
    multi_json (1.0.3)
    nokogiri (1.5.0)
    sqlite3 (1.3.4)
    trollop (1.16.2)
    tzinfo (0.3.30)

PLATFORMS
  ruby

DEPENDENCIES
  photostat!
